GEM
  remote: https://rubygems.org/
  specs:
    aws-sdk (2.6.40)
      aws-sdk-resources (= 2.6.40)
    aws-sdk-core (2.6.40)
      aws-sigv4 (~> 1.0)
      jmespath (~> 1.0)
    aws-sdk-resources (2.6.40)
      aws-sdk-core (= 2.6.40)
    aws-sigv4 (1.0.0)
    jmespath (1.3.1)
    pg (0.18.4)

PLATFORMS
  ruby

DEPENDENCIES
  aws-sdk (~> 2)
  pg (~> 0.18.4)

BUNDLED WITH
   1.14.3
